PATH
  remote: .
  specs:
    datamover (0.4.0)
      activerecord (>= 4.0, < 6.0)
      aws-sdk (~> 2)
      buffered_s3_writer (~> 0.3)
      fastcsv (~> 0.0.6)
      gpgme (~> 2.0.12)
      net-sftp (~> 2.1, >= 2.1.2)
      net-ssh (~> 3.2)
      pg (~> 0.19.0)
      tiny_tds (~> 1.0, >= 1.0.4)

GEM
  remote: https://rubygems.org/
  remote: https://gems.truecarcorp.com/
  specs:
    activemodel (5.1.1)
      activesupport (= 5.1.1)
    activerecord (5.1.1)
      activemodel (= 5.1.1)
      activesupport (= 5.1.1)
      arel (~> 8.0)
    activesupport (5.1.1)
      concurrent-ruby (~> 1.0, >= 1.0.2)
      i18n (~> 0.7)
      minitest (~> 5.1)
      tzinfo (~> 1.1)
    arel (8.0.0)
    aws-sdk (2.9.21)
      aws-sdk-resources (= 2.9.21)
    aws-sdk-core (2.9.21)
      aws-sigv4 (~> 1.0)
      jmespath (~> 1.0)
    aws-sdk-resources (2.9.21)
      aws-sdk-core (= 2.9.21)
    aws-sigv4 (1.0.0)
    benchmark-perf (0.2.1)
    buffered_s3_writer (0.3.0)
      aws-sdk (~> 2)
    builder (3.2.3)
    byebug (9.0.6)
    concurrent-ruby (1.0.5)
    diff-lcs (1.3)
    dotenv (2.2.1)
    down (2.5.1)
    fake_ftp (0.1.1)
    fakes3 (1.2.0)
      builder
      thor
    fastcsv (0.0.6)
    gpgme (2.0.12)
      mini_portile2 (~> 2.1.0)
    i18n (0.8.4)
    jmespath (1.3.1)
    memory_profiler (0.9.8)
    mini_portile2 (2.1.0)
    minitest (5.10.2)
    net-sftp (2.1.2)
      net-ssh (>= 2.6.5)
    net-ssh (3.2.0)
    pg (0.19.0)
    rake (10.5.0)
    rspec (3.6.0)
      rspec-core (~> 3.6.0)
      rspec-expectations (~> 3.6.0)
      rspec-mocks (~> 3.6.0)
    rspec-benchmark (0.3.0)
      benchmark-perf (~> 0.2.0)
      rspec (>= 3.0.0, < 4.0.0)
    rspec-core (3.6.0)
      rspec-support (~> 3.6.0)
    rspec-expectations (3.6.0)
      diff-lcs (>= 1.2.0, < 2.0)
      rspec-support (~> 3.6.0)
    rspec-mocks (3.6.0)
      diff-lcs (>= 1.2.0, < 2.0)
      rspec-support (~> 3.6.0)
    rspec-support (3.6.0)
    terminal-table (1.8.0)
      unicode-display_width (~> 1.1, >= 1.1.1)
    thor (0.19.4)
    thread_safe (0.3.6)
    timecop (0.8.1)
    tiny_tds (1.3.0)
      mini_portile2 (~> 2.0)
    tzinfo (1.2.3)
      thread_safe (~> 0.1)
    unicode-display_width (1.2.1)

PLATFORMS
  ruby

DEPENDENCIES
  buffered_s3_writer (~> 0.3)!
  bundler (~> 1.12)
  byebug
  datamover!
  dotenv
  down
  fake_ftp
  fakes3
  memory_profiler
  rake (~> 10.0)
  rspec
  rspec-benchmark
  terminal-table
  timecop

BUNDLED WITH
   1.14.6
